GEM
  remote: https://rubygems.org/
  specs:
    clamp (1.0.0)
    domain_name (0.5.25)
      unf (>= 0.0.5, < 1.0.0)
    filter_io (0.2.7)
    http-cookie (1.0.2)
      domain_name (~> 0.5)
    mime-types (2.99)
    netrc (0.11.0)
    rest-client (1.8.0)
      http-cookie (>= 1.0.2, < 2.0)
      mime-types (>= 1.16, < 3.0)
      netrc (~> 0.7)
    sqlite3 (1.3.11)
    unf (0.1.4)
      unf_ext
    unf_ext (0.0.7.1)

PLATFORMS
  ruby

DEPENDENCIES
  clamp
  filter_io
  rest-client
  sqlite3

BUNDLED WITH
   1.10.5
